GEM
  remote: https://rubygems.org/
  specs:
    diff-lcs (1.5.0)
    mustermann (1.1.2)
      ruby2_keywords (~> 0.0.1)
    rack (2.2.4)
    rack-protection (2.0.8.1)
      rack
    rack-test (2.0.2)
      rack (>= 1.3)
    rspec (3.12.0)
      rspec-core (~> 3.12.0)
      rspec-expectations (~> 3.12.0)
      rspec-mocks (~> 3.12.0)
    rspec-core (3.12.0)
      rspec-support (~> 3.12.0)
    rspec-expectations (3.12.0)
      diff-lcs (>= 1.2.0, < 2.0)
      rspec-support (~> 3.12.0)
    rspec-mocks (3.12.0)
      diff-lcs (>= 1.2.0, < 2.0)
      rspec-support (~> 3.12.0)
    rspec-support (3.12.0)
    ruby2_keywords (0.0.5)
    sinatra (2.0.8.1)
      mustermann (~> 1.0)
      rack (~> 2.0)
      rack-protection (= 2.0.8.1)
      tilt (~> 2.0)
    tilt (2.0.11)

PLATFORMS
  x86_64-linux

DEPENDENCIES
  rack-test
  rspec
  sinatra (~> 2.0.0.beta2)

BUNDLED WITH
   2.3.6
